GEM
  remote: https://rubygems.org/
  specs:
    ffaker (2.1.0)

PLATFORMS
  ruby

DEPENDENCIES
  ffaker
